PATH
  remote: ..
  specs:
    gosu-spritesheet (0.1.0)
      gosu (~> 0.14)

GEM
  remote: https://rubygems.org/
  specs:
    gosu (0.14.5)

PLATFORMS
  ruby

DEPENDENCIES
  gosu-spritesheet!

BUNDLED WITH
   1.17.2
