PATH
  remote: .
  specs:
    gosu-spritesheet (0.0.1)
      gosu (~> 0.14)

GEM
  remote: https://rubygems.org/
  specs:
    ansi (1.5.0)
    builder (3.2.3)
    byebug (10.0.2)
    gosu (0.14.4)
    minitest (5.11.3)
    minitest-reporters (1.3.5)
      ansi
      builder
      minitest (>= 5.0)
      ruby-progressbar
    rake (10.5.0)
    ruby-progressbar (1.10.0)

PLATFORMS
  ruby

DEPENDENCIES
  bundler (~> 1.17)
  byebug (~> 10.0)
  gosu-spritesheet!
  minitest (~> 5.0)
  minitest-reporters (~> 1.3)
  rake (~> 10.0)

BUNDLED WITH
   1.17.1
